PATH
  remote: .
  specs:
    wiot-agent-hd (0.1.3)

GEM
  remote: https://rubygems.org/
  specs:
    diff-lcs (1.2.5)
    ffi (1.9.10)
    rake (10.5.0)
    rspec (3.4.0)
      rspec-core (~> 3.4.0)
      rspec-expectations (~> 3.4.0)
      rspec-mocks (~> 3.4.0)
    rspec-core (3.4.4)
      rspec-support (~> 3.4.0)
    rspec-expectations (3.4.0)
      diff-lcs (>= 1.2.0, < 2.0)
      rspec-support (~> 3.4.0)
    rspec-mocks (3.4.1)
      diff-lcs (>= 1.2.0, < 2.0)
      rspec-support (~> 3.4.0)
    rspec-support (3.4.1)
    sys-filesystem (1.1.5)
      ffi
    wiot-sdk (0.1.2)

PLATFORMS
  ruby

DEPENDENCIES
  bundler (~> 1.11)
  rake (~> 10.0)
  rspec (~> 3.0)
  sys-filesystem (~> 1.1, >= 1.1.5)
  wiot-agent-hd!
  wiot-sdk

BUNDLED WITH
   1.13.7
